GIT
  remote: git://github.com/livingsocial/rake-pipeline.git
  revision: 27718232227eddd029466b2968f0880c10a18fb4
  branch: master
  specs:
    rake-pipeline (0.8.0)
      json
      rake (~> 10.0.0)
      thor

GIT
  remote: git://github.com/wycats/rake-pipeline-web-filters.git
  revision: d83f54cc0d4e53f9833c31851964e3d8ba00f66a
  branch: master
  specs:
    rake-pipeline-web-filters (0.6.0)
      rack
      rake-pipeline (~> 0.6)

PATH
  remote: .
  specs:
    brainstem-js (0.3.1)

GEM
  remote: https://rubygems.org/
  specs:
    coffee-script (2.2.0)
      coffee-script-source
      execjs
    coffee-script-source (1.4.0)
    execjs (1.4.0)
      multi_json (~> 1.0)
    jasmine-core (1.3.1)
    json (1.8.3)
    multi_json (1.5.0)
    rack (1.5.0)
    rake (10.0.3)
    thor (0.16.0)

PLATFORMS
  ruby

DEPENDENCIES
  brainstem-js!
  bundler (~> 1.2)
  coffee-script (~> 2.2)
  jasmine-core (~> 1.3.1)
  rake-pipeline!
  rake-pipeline-web-filters!
